GEM
  remote: http://rubygems.org/
  specs:
    coffee-script (2.2.0)
      coffee-script-source
      execjs
    coffee-script-source (1.6.2)
    directory_watcher (1.4.1)
    execjs (1.4.0)
      multi_json (~> 1.0)
    haml (4.0.0)
      tilt
    hpricot (0.8.6)
    libv8 (3.11.8.13)
    multi_json (1.7.1)
    net-ssh (2.6.6)
    rake (10.0.3)
    redcarpet (2.2.2)
    ref (1.0.3)
    sass (3.2.7)
    slop (3.3.2)
    stasis (0.2.0)
      directory_watcher (= 1.4.1)
      slop (= 3.3.2)
      tilt (= 1.3.3)
    therubyracer (0.11.4)
      libv8 (~> 3.11.8.12)
      ref
    tilt (1.3.3)

PLATFORMS
  ruby

DEPENDENCIES
  coffee-script
  haml
  hpricot
  net-ssh
  rake
  redcarpet
  sass
  stasis
  therubyracer
